PATH
  remote: .
  specs:
    rails_db (2.5.0)
      actionmailer
      actionpack
      activerecord
      kaminari
      railties
      rake
      ransack (>= 2.3.2)
      rubyzip (>= 1.2.1)
      simple_form (>= 5.0.1)
      sprockets-rails
      terminal-table
      uglifier

GEM
  remote: https://rubygems.org/
  specs:
    actionmailer (6.1.6)
      actionpack (= 6.1.6)
      actionview (= 6.1.6)
      activejob (= 6.1.6)
      activesupport (= 6.1.6)
      mail (~> 2.5, >= 2.5.4)
      rails-dom-testing (~> 2.0)
    actionpack (6.1.6)
      actionview (= 6.1.6)
      activesupport (= 6.1.6)
      rack (~> 2.0, >= 2.0.9)
      rack-test (>= 0.6.3)
      rails-dom-testing (~> 2.0)
      rails-html-sanitizer (~> 1.0, >= 1.2.0)
    actionview (6.1.6)
      activesupport (= 6.1.6)
      builder (~> 3.1)
      erubi (~> 1.4)
      rails-dom-testing (~> 2.0)
      rails-html-sanitizer (~> 1.1, >= 1.2.0)
    activejob (6.1.6)
      activesupport (= 6.1.6)
      globalid (>= 0.3.6)
    activemodel (6.1.6)
      activesupport (= 6.1.6)
    activerecord (6.1.6)
      activemodel (= 6.1.6)
      activesupport (= 6.1.6)
    activesupport (6.1.6)
      concurrent-ruby (~> 1.0, >= 1.0.2)
      i18n (>= 1.6, < 2)
      minitest (>= 5.1)
      tzinfo (~> 2.0)
      zeitwerk (~> 2.3)
    addressable (2.8.0)
      public_suffix (>= 2.0.2, < 5.0)
    builder (3.2.4)
    caxlsx (3.2.0)
      htmlentities (~> 4.3, >= 4.3.4)
      marcel (~> 1.0)
      nokogiri (~> 1.10, >= 1.10.4)
      rubyzip (>= 1.3.0, < 3)
    caxlsx_rails (0.6.3)
      actionpack (>= 3.1)
      caxlsx (>= 3.0)
    coderay (1.1.3)
    concurrent-ruby (1.1.10)
    crass (1.0.6)
    erubi (1.10.0)
    execjs (2.8.1)
    globalid (1.0.0)
      activesupport (>= 5.0)
    htmlentities (4.3.4)
    i18n (1.10.0)
      concurrent-ruby (~> 1.0)
    kaminari (1.2.2)
      activesupport (>= 4.1.0)
      kaminari-actionview (= 1.2.2)
      kaminari-activerecord (= 1.2.2)
      kaminari-core (= 1.2.2)
    kaminari-actionview (1.2.2)
      actionview
      kaminari-core (= 1.2.2)
    kaminari-activerecord (1.2.2)
      activerecord
      kaminari-core (= 1.2.2)
    kaminari-core (1.2.2)
    launchy (2.5.0)
      addressable (~> 2.7)
    loofah (2.18.0)
      crass (~> 1.0.2)
      nokogiri (>= 1.5.9)
    mail (2.7.1)
      mini_mime (>= 0.1.1)
    marcel (1.0.2)
    method_source (1.0.0)
    mime-types (3.4.1)
      mime-types-data (~> 3.2015)
    mime-types-data (3.2022.0105)
    mini_mime (1.1.2)
    mini_portile2 (2.8.0)
    minitest (5.15.0)
    mysql2 (0.5.4)
    nokogiri (1.13.6)
      mini_portile2 (~> 2.8.0)
      racc (~> 1.4)
    paranoia (2.6.0)
      activerecord (>= 5.1, < 7.1)
    pg (1.3.5)
    pry (0.14.1)
      coderay (~> 1.1)
      method_source (~> 1.0)
    pry-rails (0.3.9)
      pry (>= 0.10.4)
    public_suffix (4.0.7)
    racc (1.6.0)
    rack (2.2.3.1)
    rack-test (1.1.0)
      rack (>= 1.0, < 3)
    rails-dom-testing (2.0.3)
      activesupport (>= 4.2.0)
      nokogiri (>= 1.6)
    rails-html-sanitizer (1.4.2)
      loofah (~> 2.3)
    railties (6.1.6)
      actionpack (= 6.1.6)
      activesupport (= 6.1.6)
      method_source
      rake (>= 12.2)
      thor (~> 1.0)
    rake (13.0.6)
    ransack (3.0.1)
      activerecord (>= 6.0.4)
      activesupport (>= 6.0.4)
      i18n
    rubyzip (2.3.2)
    simple_form (5.1.0)
      actionpack (>= 5.2)
      activemodel (>= 5.2)
    sprockets (4.0.3)
      concurrent-ruby (~> 1.0)
      rack (> 1, < 3)
    sprockets-rails (3.4.2)
      actionpack (>= 5.2)
      activesupport (>= 5.2)
      sprockets (>= 3.0.0)
    sqlite3 (1.4.2)
    terminal-table (3.0.2)
      unicode-display_width (>= 1.1.1, < 3)
    thor (1.2.1)
    tzinfo (2.0.4)
      concurrent-ruby (~> 1.0)
    uglifier (4.2.0)
      execjs (>= 0.3.0, < 3)
    unicode-display_width (2.1.0)
    will_paginate (3.3.1)
    zeitwerk (2.5.4)

PLATFORMS
  ruby

DEPENDENCIES
  caxlsx
  caxlsx_rails
  launchy
  mime-types
  mysql2
  paranoia
  pg
  pry-rails
  rails_db!
  sqlite3 (>= 1.4)
  will_paginate

BUNDLED WITH
   1.17.2
